GEM
  remote: https://rubygems.org/
  specs:
    helu (0.5)

PLATFORMS
  ruby

DEPENDENCIES
  bundler
  helu
